PATH
  remote: .
  specs:
    aucast (0.2.1)
      rest-client (~> 2.0)
      thor (~> 0.20)

GEM
  remote: https://rubygems.org/
  specs:
    addressable (2.8.1)
      public_suffix (>= 2.0.2, < 6.0)
    ansi (1.5.0)
    builder (3.2.4)
    byebug (11.1.3)
    crack (0.4.5)
      rexml
    domain_name (0.5.20190701)
      unf (>= 0.0.5, < 1.0.0)
    hashdiff (1.0.1)
    http-accept (1.7.0)
    http-cookie (1.0.4)
      domain_name (~> 0.5)
    mime-types (3.3.1)
      mime-types-data (~> 3.2015)
    mime-types-data (3.2021.0225)
    minitest (5.14.4)
    minitest-reporters (1.4.3)
      ansi
      builder
      minitest (>= 5.0)
      ruby-progressbar
    netrc (0.11.0)
    public_suffix (5.0.0)
    rake (13.0.3)
    rest-client (2.1.0)
      http-accept (>= 1.7.0, < 2.0)
      http-cookie (>= 1.0.2, < 2.0)
      mime-types (>= 1.16, < 4.0)
      netrc (~> 0.8)
    rexml (3.2.5)
    ruby-progressbar (1.11.0)
    thor (0.20.3)
    unf (0.1.4)
      unf_ext
    unf_ext (0.0.7.7)
    webmock (3.13.0)
      addressable (>= 2.3.6)
      crack (>= 0.3.2)
      hashdiff (>= 0.4.0, < 2.0.0)

PLATFORMS
  ruby

DEPENDENCIES
  aucast!
  bundler (~> 1.16)
  byebug
  minitest (~> 5.11)
  minitest-reporters (>= 1.1)
  rake (~> 13.0)
  webmock (>= 3.0)

BUNDLED WITH
   1.17.3
